GEM
  specs:
    will_paginate (3.0.5)

PLATFORMS
  ruby

DEPENDENCIES
  will_paginate (~> 3.0.5)
